GEM
  remote: https://rubygems.org/
  specs:
    actionmailer (4.1.7)
      actionpack (= 4.1.7)
      actionview (= 4.1.7)
      mail (~> 2.5, >= 2.5.4)
    actionpack (4.1.7)
      actionview (= 4.1.7)
      activesupport (= 4.1.7)
      rack (~> 1.5.2)
      rack-test (~> 0.6.2)
    actionview (4.1.7)
      activesupport (= 4.1.7)
      builder (~> 3.1)
      erubis (~> 2.7.0)
    active_model_serializers (0.9.0)
      activemodel (>= 3.2)
    activemodel (4.1.7)
      activesupport (= 4.1.7)
      builder (~> 3.1)
    activerecord (4.1.7)
      activemodel (= 4.1.7)
      activesupport (= 4.1.7)
      arel (~> 5.0.0)
    activesupport (4.1.7)
      i18n (~> 0.6, >= 0.6.9)
      json (~> 1.7, >= 1.7.7)
      minitest (~> 5.1)
      thread_safe (~> 0.1)
      tzinfo (~> 1.1)
    arel (5.0.1.20140414130214)
    atomic (1.1.16)
    bcrypt (3.1.7)
    binding_of_caller (0.7.2)
      debug_inspector (>= 0.0.1)
    builder (3.2.2)
    cancancan (1.9.2)
    capybara (2.2.1)
      mime-types (>= 1.16)
      nokogiri (>= 1.3.3)
      rack (>= 1.0.0)
      rack-test (>= 0.5.4)
      xpath (~> 2.0)
    capybara-webkit (1.3.1)
      capybara (>= 2.0.2, < 2.5.0)
      json
    carrierwave (0.10.0)
      activemodel (>= 3.2.0)
      activesupport (>= 3.2.0)
      json (>= 1.7)
      mime-types (>= 1.16)
    carrierwave-imageoptimizer (1.2.1)
      carrierwave (~> 0.8)
      image_optimizer (~> 1.2)
    celluloid (0.16.0)
      timers (~> 4.0.0)
    coderay (1.1.0)
    coffee-rails (4.0.1)
      coffee-script (>= 2.2.0)
      railties (>= 4.0.0, < 5.0)
    coffee-script (2.2.0)
      coffee-script-source
      execjs
    coffee-script-source (1.7.0)
    connection_pool (2.1.0)
    database_cleaner (1.2.0)
    debug_inspector (0.0.2)
    diff-lcs (1.2.5)
    dotenv (1.0.2)
    erubis (2.7.0)
    excon (0.33.0)
    execjs (2.0.2)
    factory_girl (4.4.0)
      activesupport (>= 3.0.0)
    factory_girl_rails (4.4.1)
      factory_girl (~> 4.4.0)
      railties (>= 3.0.0)
    faraday (0.9.0)
      multipart-post (>= 1.2, < 3)
    fog (1.22.1)
      fog-brightbox
      fog-core (~> 1.22)
      fog-json
      ipaddress (~> 0.5)
      nokogiri (~> 1.5, >= 1.5.11)
    fog-brightbox (0.6.1)
      fog-core (~> 1.22)
      fog-json
      inflecto
    fog-core (1.22.0)
      builder
      excon (~> 0.33)
      formatador (~> 0.2)
      mime-types
      net-scp (~> 1.1)
      net-ssh (>= 2.1.3)
    fog-json (1.0.0)
      multi_json (~> 1.0)
    foreman (0.76.0)
      dotenv (~> 1.0.2)
      thor (~> 0.19.1)
    formatador (0.2.5)
    gibbon (1.1.2)
      httparty
      multi_json (>= 1.3.4)
    gon (5.2.1)
      actionpack (>= 2.3.0)
      json
      multi_json
      request_store (>= 1.0.5)
    hashie (3.3.1)
    hike (1.2.3)
    hitimes (1.2.2)
    httparty (0.13.1)
      json (~> 1.8)
      multi_xml (>= 0.5.2)
    i18n (0.6.11)
    image_optimizer (1.3.0)
    inflecto (0.0.2)
    ipaddress (0.8.0)
    json (1.8.1)
    jwt (1.0.0)
    kaminari (0.16.1)
      actionpack (>= 3.0.0)
      activesupport (>= 3.0.0)
    kgio (2.9.2)
    mail (2.6.3)
      mime-types (>= 1.16, < 3)
    mandrill-api (1.0.51)
      excon (>= 0.16.0, < 1.0)
      json (>= 1.7.7, < 2.0)
    mandrill_mailer (0.4.5)
      actionpack
      activesupport
      mandrill-api (~> 1.0.9)
    method_source (0.8.2)
    mime-types (2.4.3)
    mini_magick (3.8.1)
      subexec (~> 0.2.1)
    mini_portile (0.5.3)
    minitest (5.4.3)
    multi_json (1.10.1)
    multi_xml (0.5.5)
    multipart-post (2.0.0)
    net-scp (1.2.1)
      net-ssh (>= 2.6.5)
    net-ssh (2.9.1)
    nokogiri (1.6.1)
      mini_portile (~> 0.5.0)
    oauth (0.4.7)
    oauth2 (1.0.0)
      faraday (>= 0.8, < 0.10)
      jwt (~> 1.0)
      multi_json (~> 1.3)
      multi_xml (~> 0.5)
      rack (~> 1.2)
    omniauth (1.2.2)
      hashie (>= 1.2, < 4)
      rack (~> 1.0)
    omniauth-facebook (2.0.0)
      omniauth-oauth2 (~> 1.2)
    omniauth-google-oauth2 (0.2.4)
      omniauth (~> 1.0)
      omniauth-oauth2 (~> 1.1)
    omniauth-oauth (1.0.1)
      oauth
      omniauth (~> 1.0)
    omniauth-oauth2 (1.2.0)
      faraday (>= 0.8, < 0.10)
      multi_json (~> 1.3)
      oauth2 (~> 1.0)
      omniauth (~> 1.2)
    omniauth-twitter (1.1.0)
      multi_json (~> 1.3)
      omniauth-oauth (~> 1.0)
    peek (0.1.8)
      atomic (>= 1.0.0)
      rails (>= 3.0.0)
    peek-performance_bar (1.1.4)
      peek (>= 0.1.0)
    peek-pg (1.1.0)
      atomic (>= 1.0.0)
      peek
      pg
    pg (0.17.1)
    pry (0.9.12.6)
      coderay (~> 1.0)
      method_source (~> 0.8)
      slop (~> 3.4)
    pry-stack_explorer (0.4.9.1)
      binding_of_caller (>= 0.7)
      pry (>= 0.9.11)
    rack (1.5.2)
    rack-cors (0.2.9)
    rack-test (0.6.2)
      rack (>= 1.0)
    rails (4.1.7)
      actionmailer (= 4.1.7)
      actionpack (= 4.1.7)
      actionview (= 4.1.7)
      activemodel (= 4.1.7)
      activerecord (= 4.1.7)
      activesupport (= 4.1.7)
      bundler (>= 1.3.0, < 2.0)
      railties (= 4.1.7)
      sprockets-rails (~> 2.0)
    rails_12factor (0.0.3)
      rails_serve_static_assets
      rails_stdout_logging
    rails_serve_static_assets (0.0.2)
    rails_stdout_logging (0.0.3)
    railties (4.1.7)
      actionpack (= 4.1.7)
      activesupport (= 4.1.7)
      rake (>= 0.8.7)
      thor (>= 0.18.1, < 2.0)
    raindrops (0.13.0)
    rake (10.3.2)
    redis (3.1.0)
    redis-namespace (1.5.1)
      redis (~> 3.0, >= 3.0.4)
    request_store (1.1.0)
    rspec-core (2.14.8)
    rspec-expectations (2.14.5)
      diff-lcs (>= 1.1.3, < 2.0)
    rspec-mocks (2.14.6)
    rspec-rails (2.14.2)
      actionpack (>= 3.0)
      activemodel (>= 3.0)
      activesupport (>= 3.0)
      railties (>= 3.0)
      rspec-core (~> 2.14.0)
      rspec-expectations (~> 2.14.0)
      rspec-mocks (~> 2.14.0)
    sass (3.2.19)
    sass-rails (4.0.3)
      railties (>= 4.0.0, < 5.0)
      sass (~> 3.2.0)
      sprockets (~> 2.8, <= 2.11.0)
      sprockets-rails (~> 2.0)
    sidekiq (3.3.0)
      celluloid (>= 0.16.0)
      connection_pool (>= 2.0.0)
      json
      redis (>= 3.0.6)
      redis-namespace (>= 1.3.1)
    slop (3.5.0)
    sprockets (2.11.0)
      hike (~> 1.2)
      multi_json (~> 1.0)
      rack (~> 1.0)
      tilt (~> 1.1, != 1.3.0)
    sprockets-rails (2.2.0)
      actionpack (>= 3.0)
      activesupport (>= 3.0)
      sprockets (>= 2.8, < 4.0)
    subexec (0.2.3)
    thor (0.19.1)
    thread_safe (0.3.4)
    tilt (1.4.1)
    timers (4.0.1)
      hitimes
    twilio-ruby (3.14.1)
      builder (>= 2.1.2)
      jwt (~> 1.0.0)
      multi_json (>= 1.3.0)
    tzinfo (1.2.2)
      thread_safe (~> 0.1)
    uglifier (2.5.0)
      execjs (>= 0.3.0)
      json (>= 1.8.0)
    unicorn (4.8.3)
      kgio (~> 2.6)
      rack
      raindrops (~> 0.7)
    xpath (2.0.0)
      nokogiri (~> 1.3)

PLATFORMS
  ruby

DEPENDENCIES
  active_model_serializers (~> 0.9.0)
  bcrypt (~> 3.1.7)
  cancancan (~> 1.8)
  capybara
  capybara-webkit
  carrierwave
  carrierwave-imageoptimizer
  coffee-rails (~> 4.0.0)
  database_cleaner
  factory_girl_rails
  fog
  foreman
  gibbon
  gon
  kaminari
  mandrill_mailer
  mini_magick
  omniauth-facebook
  omniauth-google-oauth2
  omniauth-twitter
  peek
  peek-performance_bar
  peek-pg
  pg
  pry
  pry-stack_explorer
  rack-cors
  rails (= 4.1.7)
  rails_12factor
  rspec-rails
  sass-rails (~> 4.0.2)
  sidekiq
  twilio-ruby (~> 3.12)
  uglifier (>= 1.3.0)
  unicorn
